GIT
  remote: git://github.com/bL0p/ace-rails-ap.git
  revision: f76914d099febacf216e1ac0f0446bdcc551c028
  branch: new_vendor_modes
  specs:
    ace-rails-ap (2.0.1)

GIT
  remote: git://github.com/pedro-ribeiro/linguist.git
  revision: 308863e2d58f3914da5273e0efbc3904a0e5b585
  branch: production
  specs:
    github-linguist (2.10.15)
      charlock_holmes (~> 0.6.6)
      escape_utils (>= 0.3.1)
      mime-types (~> 1.19)
      pygments.rb (~> 0.5.4)

GIT
  remote: https://github.com/gitlabhq/markup.git
  revision: 61ade389c1e1c159359338f570d18464a44ddbc4
  ref: 61ade389c1e1c159359338f570d18464a44ddbc4
  specs:
    github-markup (0.7.6)

GEM
  remote: https://rubygems.org/
  specs:
    actionmailer (4.0.12)
      actionpack (= 4.0.12)
      mail (~> 2.5, >= 2.5.4)
    actionpack (4.0.12)
      activesupport (= 4.0.12)
      builder (~> 3.1.0)
      erubis (~> 2.7.0)
      rack (~> 1.5.2)
      rack-test (~> 0.6.2)
    actionpack-action_caching (1.1.1)
      actionpack (>= 4.0.0, < 5.0)
    actionpack-page_caching (1.0.2)
      actionpack (>= 4.0.0, < 5)
    activemodel (4.0.12)
      activesupport (= 4.0.12)
      builder (~> 3.1.0)
    activerecord (4.0.12)
      activemodel (= 4.0.12)
      activerecord-deprecated_finders (~> 1.0.2)
      activesupport (= 4.0.12)
      arel (~> 4.0.0)
    activerecord-deprecated_finders (1.0.3)
    activesupport (4.0.12)
      i18n (~> 0.6, >= 0.6.9)
      minitest (~> 4.2)
      multi_json (~> 1.3)
      thread_safe (~> 0.1)
      tzinfo (~> 0.3.37)
    acts-as-taggable-on (3.4.2)
      activerecord (>= 3.2, < 5)
    addressable (2.3.6)
    annotate (2.6.5)
      activerecord (>= 2.3.0)
      rake (>= 0.8.7)
    arel (4.0.2)
    asciidoctor (1.5.2)
    awesome_print (1.2.0)
    axiom-types (0.1.1)
      descendants_tracker (~> 0.0.4)
      ice_nine (~> 0.11.0)
      thread_safe (~> 0.3, >= 0.3.1)
    bcrypt (3.1.9)
    bcrypt-ruby (3.1.5)
      bcrypt (>= 3.1.3)
    better_errors (1.1.0)
      coderay (>= 1.0.0)
      erubis (>= 2.6.6)
    binding_of_caller (0.7.2)
      debug_inspector (>= 0.0.1)
    bootstrap-sass (3.3.1.0)
      sass (~> 3.2)
    builder (3.1.4)
    callsite (0.0.11)
    capybara (2.2.0)
      mime-types (>= 1.16)
      nokogiri (>= 1.3.3)
      rack (>= 1.0.0)
      rack-test (>= 0.5.4)
      xpath (~> 2.0)
    carrierwave (0.10.0)
      activemodel (>= 3.2.0)
      activesupport (>= 3.2.0)
      json (>= 1.7)
      mime-types (>= 1.16)
    celluloid (0.16.0)
      timers (~> 4.0.0)
    charlock_holmes (0.6.9.4)
    cliver (0.3.2)
    code_analyzer (0.4.5)
      sexp_processor
    coderay (1.1.0)
    coercible (1.0.0)
      descendants_tracker (~> 0.0.1)
    coffee-rails (4.1.0)
      coffee-script (>= 2.2.0)
      railties (>= 4.0.0, < 5.0)
    coffee-script (2.3.0)
      coffee-script-source
      execjs
    coffee-script-source (1.8.0)
    colored (1.2)
    colorize (0.7.3)
    columnize (0.8.9)
    connection_pool (2.1.0)
    coveralls (0.7.1)
      multi_json (~> 1.3)
      rest-client
      simplecov (>= 0.7)
      term-ansicolor
      thor
    crack (0.4.2)
      safe_yaml (~> 1.0.0)
    d3_rails (3.1.10)
      railties (>= 3.1.0)
    daemons (1.1.9)
    database_cleaner (1.3.0)
    debug_inspector (0.0.2)
    debugger (1.6.8)
      columnize (>= 0.3.1)
      debugger-linecache (~> 1.2.0)
      debugger-ruby_core_source (~> 1.3.5)
    debugger-linecache (1.2.0)
    debugger-ruby_core_source (1.3.7)
    default_value_for (3.0.0.1)
      activerecord (>= 3.2.0, < 5.0)
    descendants_tracker (0.0.4)
      thread_safe (~> 0.3, >= 0.3.1)
    devise (3.0.4)
      bcrypt-ruby (~> 3.0)
      orm_adapter (~> 0.1)
      railties (>= 3.2.6, < 5)
      warden (~> 1.2.3)
    diff-lcs (1.2.5)
    docile (1.1.5)
    email_spec (1.6.0)
      launchy (~> 2.1)
      mail (~> 2.2)
    email_validator (1.4.0)
      activemodel
    enumerize (0.8.0)
      activesupport (>= 3.2)
    equalizer (0.0.9)
    erubis (2.7.0)
    escape_utils (1.0.1)
    eventmachine (1.0.3)
    excon (0.13.4)
    execjs (2.2.2)
    factory_girl (4.5.0)
      activesupport (>= 3.0.0)
    factory_girl_rails (4.5.0)
      factory_girl (~> 4.5.0)
      railties (>= 3.0.0)
    faraday (0.9.0)
      multipart-post (>= 1.2, < 3)
    ffaker (1.25.0)
    ffi (1.9.6)
    figaro (1.0.0)
      thor (~> 0.14)
    fog (1.3.1)
      builder
      excon (~> 0.13.0)
      formatador (~> 0.2.0)
      mime-types
      multi_json (~> 1.0)
      net-scp (~> 1.0.4)
      net-ssh (>= 2.1.3)
      nokogiri (~> 1.5.0)
      ruby-hmac
    font-awesome-rails (3.2.1.3)
      railties (>= 3.2, < 5.0)
    formatador (0.2.5)
    gemoji (1.3.1)
    gherkin-ruby (0.3.2)
    github-markdown (0.5.5)
    gitlab-flowdock-git-hook (0.4.2.2)
      gitlab-grit (>= 2.4.1)
      multi_json
    gitlab-gollum-lib (1.1.0)
      github-markdown (~> 0.5.3)
      github-markup (>= 0.7.5, < 1.0.0)
      gitlab-grit (~> 2.6.1)
      nokogiri (~> 1.5.9)
      sanitize (~> 2.0.3)
      stringex (~> 1.5.1)
    gitlab-grack (2.0.0.pre)
      rack (~> 1.5.1)
    gitlab-grit (2.6.12)
      charlock_holmes (~> 0.6)
      diff-lcs (~> 1.1)
      mime-types (~> 1.15)
      posix-spawn (~> 0.3)
    gitlab_meta (6.0)
    gitlab_omniauth-ldap (1.0.4)
      net-ldap (~> 0.3.1)
      omniauth (~> 1.0)
      pyu-ruby-sasl (~> 0.0.3.1)
      rubyntlm (~> 0.1.1)
    grape (0.6.1)
      activesupport
      builder
      hashie (>= 1.2.0)
      multi_json (>= 1.3.2)
      multi_xml (>= 0.5.2)
      rack (>= 1.3.0)
      rack-accept
      rack-mount
      virtus (>= 1.0.0)
    grape-entity (0.3.0)
      activesupport
      multi_json (>= 1.3.2)
    grit_ext (0.8.1)
      charlock_holmes (~> 0.6.9)
    growl (1.0.3)
    guard (2.10.1)
      formatador (>= 0.2.4)
      listen (~> 2.7)
      lumberjack (~> 1.0)
      pry (>= 0.9.12)
      thor (>= 0.18.1)
    guard-rspec (4.3.1)
      guard (~> 2.1)
      rspec (>= 2.14, < 4.0)
    guard-spinach (0.0.3)
      guard (>= 1.1)
      spinach
    haml (4.0.6)
      tilt
    haml-rails (0.5.3)
      actionpack (>= 4.0.1)
      activesupport (>= 4.0.1)
      haml (>= 3.1, < 5.0)
      railties (>= 4.0.1)
    hashie (2.1.2)
    hike (1.2.3)
    hitimes (1.2.2)
    httparty (0.13.3)
      json (~> 1.8)
      multi_xml (>= 0.5.2)
    httpauth (0.2.1)
    i18n (0.6.11)
    ice_nine (0.11.0)
    jasmine (2.0.0.rc5)
      jasmine-core (~> 2.0.0.rc5)
      phantomjs
      rack (>= 1.2.1)
      rake
    jasmine-core (2.0.2)
    jenkins_api_client (0.14.1)
      json
      mixlib-shellout (>= 1.1.0)
      nokogiri (~> 1.5.0)
      terminal-table (>= 1.4.0)
      thor (>= 0.16.0)
    jquery-atwho-rails (0.3.3)
    jquery-rails (3.1.2)
      railties (>= 3.0, < 5.0)
      thor (>= 0.14, < 2.0)
    jquery-turbolinks (2.1.0)
      railties (>= 3.1.0)
      turbolinks
    jquery-ui-rails (2.0.2)
      jquery-rails
      railties (>= 3.1.0)
    json (1.8.1)
    jwt (0.1.13)
      multi_json (>= 1.5)
    kaminari (0.15.1)
      actionpack (>= 3.0.0)
      activesupport (>= 3.0.0)
    kgio (2.9.2)
    launchy (2.4.3)
      addressable (~> 2.3)
    letter_opener (1.2.0)
      launchy (~> 2.2)
    libv8 (3.16.14.7)
    listen (2.8.3)
      celluloid (>= 0.15.2)
      rb-fsevent (>= 0.9.3)
      rb-inotify (>= 0.9)
    lumberjack (1.0.9)
    mail (2.6.3)
      mime-types (>= 1.16, < 3)
    meta_request (0.3.4)
      callsite (~> 0.0, >= 0.0.11)
      rack-contrib (~> 1.1)
      railties (>= 3.0.0, < 5.0.0)
    method_source (0.8.2)
    mime-types (1.25.1)
    minitest (4.7.5)
    mixlib-shellout (2.0.0)
    modernizr-rails (2.7.1)
    multi_json (1.10.1)
    multi_xml (0.5.5)
    multipart-post (2.0.0)
    mysql2 (0.3.17)
    net-ldap (0.3.1)
    net-scp (1.0.4)
      net-ssh (>= 1.99.1)
    net-ssh (2.9.1)
    netrc (0.9.0)
    nokogiri (1.5.11)
    oauth (0.4.7)
    oauth2 (0.8.1)
      faraday (~> 0.8)
      httpauth (~> 0.1)
      jwt (~> 0.1.4)
      multi_json (~> 1.0)
      rack (~> 1.2)
    omniauth (1.1.4)
      hashie (>= 1.2, < 3)
      rack
    omniauth-github (1.1.2)
      omniauth (~> 1.0)
      omniauth-oauth2 (~> 1.1)
    omniauth-google-oauth2 (0.2.6)
      omniauth (> 1.0)
      omniauth-oauth2 (~> 1.1)
    omniauth-oauth (1.0.1)
      oauth
      omniauth (~> 1.0)
    omniauth-oauth2 (1.1.1)
      oauth2 (~> 0.8.0)
      omniauth (~> 1.0)
    omniauth-twitter (1.1.0)
      multi_json (~> 1.3)
      omniauth-oauth (~> 1.0)
    orm_adapter (0.5.0)
    phantomjs (1.9.7.1)
    poltergeist (1.5.1)
      capybara (~> 2.1)
      cliver (~> 0.3.1)
      multi_json (~> 1.0)
      websocket-driver (>= 0.2.0)
    posix-spawn (0.3.9)
    protected_attributes (1.0.8)
      activemodel (>= 4.0.1, < 5.0)
    pry (0.10.1)
      coderay (~> 1.1.0)
      method_source (~> 0.8.1)
      slop (~> 3.4)
    pry-debugger (0.2.3)
      debugger (~> 1.3)
      pry (>= 0.9.10, < 0.11.0)
    pry-rails (0.3.2)
      pry (>= 0.9.10)
    pry-stack_explorer (0.4.9.1)
      binding_of_caller (>= 0.7)
      pry (>= 0.9.11)
    pygments.rb (0.5.4)
      posix-spawn (~> 0.3.6)
      yajl-ruby (~> 1.1.0)
    pyu-ruby-sasl (0.0.3.3)
    quiet_assets (1.0.3)
      railties (>= 3.1, < 5.0)
    rack (1.5.2)
    rack-accept (0.4.5)
      rack (>= 0.4)
    rack-attack (4.2.0)
      rack
    rack-contrib (1.2.0)
      rack (>= 0.9.1)
    rack-cors (0.2.9)
    rack-mini-profiler (0.9.2)
      rack (>= 1.1.3)
    rack-mount (0.8.3)
      rack (>= 1.0.0)
    rack-protection (1.5.3)
      rack
    rack-test (0.6.2)
      rack (>= 1.0)
    rails (4.0.12)
      actionmailer (= 4.0.12)
      actionpack (= 4.0.12)
      activerecord (= 4.0.12)
      activesupport (= 4.0.12)
      bundler (>= 1.3.0, < 2.0)
      railties (= 4.0.12)
      sprockets-rails (~> 2.0)
    rails-observers (0.1.2)
      activemodel (~> 4.0)
    rails_best_practices (1.15.4)
      activesupport
      awesome_print
      code_analyzer (>= 0.4.3)
      colored
      erubis
      i18n
      json
      require_all
      ruby-progressbar
    railties (4.0.12)
      actionpack (= 4.0.12)
      activesupport (= 4.0.12)
      rake (>= 0.8.7)
      thor (>= 0.18.1, < 2.0)
    raindrops (0.13.0)
    rake (10.4.1)
    raphael-rails (2.1.2)
    rb-fsevent (0.9.4)
    rb-inotify (0.9.5)
      ffi (>= 0.5.0)
    rdoc (4.1.2)
      json (~> 1.4)
    redcarpet (2.2.2)
    redis (3.1.0)
    redis-namespace (1.5.1)
      redis (~> 3.0, >= 3.0.4)
    ref (1.0.5)
    require_all (1.3.2)
    rest-client (1.7.2)
      mime-types (>= 1.16, < 3.0)
      netrc (~> 0.7)
    rspec (3.1.0)
      rspec-core (~> 3.1.0)
      rspec-expectations (~> 3.1.0)
      rspec-mocks (~> 3.1.0)
    rspec-core (3.1.7)
      rspec-support (~> 3.1.0)
    rspec-expectations (3.1.2)
      diff-lcs (>= 1.2.0, < 2.0)
      rspec-support (~> 3.1.0)
    rspec-mocks (3.1.3)
      rspec-support (~> 3.1.0)
    rspec-rails (3.1.0)
      actionpack (>= 3.0)
      activesupport (>= 3.0)
      railties (>= 3.0)
      rspec-core (~> 3.1.0)
      rspec-expectations (~> 3.1.0)
      rspec-mocks (~> 3.1.0)
      rspec-support (~> 3.1.0)
    rspec-support (3.1.2)
    ruby-hmac (0.4.0)
    ruby-progressbar (1.7.0)
    rubyntlm (0.1.1)
    rugged (0.21.0)
    safe_yaml (1.0.4)
    sanitize (2.0.6)
      nokogiri (>= 1.4.4)
    sass (3.2.19)
    sass-rails (4.0.5)
      railties (>= 4.0.0, < 5.0)
      sass (~> 3.2.2)
      sprockets (~> 2.8, < 3.0)
      sprockets-rails (~> 2.0)
    sdoc (0.4.1)
      json (~> 1.7, >= 1.7.7)
      rdoc (~> 4.0)
    seed-fu (2.3.3)
      activerecord (>= 3.1, < 4.2)
      activesupport (>= 3.1, < 4.2)
    select2-rails (3.5.9.1)
      thor (~> 0.14)
    settingslogic (2.0.9)
    sexp_processor (4.4.4)
    shoulda-matchers (2.1.0)
      activesupport (>= 3.0.0)
    sidekiq (3.0.2)
      celluloid (>= 0.15.2)
      connection_pool (>= 2.0.0)
      json
      redis (>= 3.0.6)
      redis-namespace (>= 1.3.1)
    simplecov (0.9.1)
      docile (~> 1.1.0)
      multi_json (~> 1.0)
      simplecov-html (~> 0.8.0)
    simplecov-html (0.8.0)
    sinatra (1.4.5)
      rack (~> 1.4)
      rack-protection (~> 1.4)
      tilt (~> 1.3, >= 1.3.4)
    six (0.2.0)
    slim (2.1.0)
      temple (~> 0.6.9)
      tilt (>= 1.3.3, < 2.1)
    slop (3.6.0)
    spinach (0.8.10)
      colorize
      gherkin-ruby (>= 0.3.2)
      json
    spinach-rails (0.2.1)
      capybara (>= 2.0.0)
      railties (>= 3)
      spinach (>= 0.4)
    spork (1.0.0rc4)
    spring (1.1.1)
    spring-commands-rspec (1.0.1)
      spring (>= 0.9.1)
    spring-commands-spinach (1.0.0)
      spring (>= 0.9.1)
    sprockets (2.11.0)
      hike (~> 1.2)
      multi_json (~> 1.0)
      rack (~> 1.0)
      tilt (~> 1.1, != 1.3.0)
    sprockets-rails (2.2.2)
      actionpack (>= 3.0)
      activesupport (>= 3.0)
      sprockets (>= 2.8, < 4.0)
    sqlite3 (1.3.10)
    sshkey (1.6.1)
    stamp (0.6.0)
    state_machine (1.2.0)
    stringex (1.5.1)
    temple (0.6.10)
    term-ansicolor (1.3.0)
      tins (~> 1.0)
    terminal-table (1.4.5)
    test_after_commit (0.4.0)
      activerecord (>= 3.2)
    therubyracer (0.12.1)
      libv8 (~> 3.16.14.0)
      ref
    thin (1.6.3)
      daemons (~> 1.0, >= 1.0.9)
      eventmachine (~> 1.0)
      rack (~> 1.0)
    thor (0.19.1)
    thread_safe (0.3.4)
    tilt (1.4.1)
    timers (4.0.1)
      hitimes
    tins (1.3.3)
    turbolinks (2.5.2)
      coffee-rails
    tzinfo (0.3.42)
    uglifier (2.5.3)
      execjs (>= 0.3.0)
      json (>= 1.8.0)
    underscore-rails (1.4.4)
    unicorn (4.6.3)
      kgio (~> 2.6)
      rack
      raindrops (~> 0.7)
    unicorn-worker-killer (0.4.2)
      unicorn (~> 4)
    virtus (1.0.3)
      axiom-types (~> 0.1)
      coercible (~> 1.0)
      descendants_tracker (~> 0.0, >= 0.0.3)
      equalizer (~> 0.0, >= 0.0.9)
    warden (1.2.3)
      rack (>= 1.0)
    webmock (1.20.4)
      addressable (>= 2.3.6)
      crack (>= 0.3.2)
    websocket-driver (0.4.0)
    xpath (2.0.0)
      nokogiri (~> 1.3)
    yajl-ruby (1.1.0)

PLATFORMS
  ruby

DEPENDENCIES
  ace-rails-ap!
  actionpack-action_caching
  actionpack-page_caching
  acts-as-taggable-on
  annotate (~> 2.6.0.beta2)
  asciidoctor
  awesome_print
  better_errors (= 1.1.0)
  binding_of_caller
  bootstrap-sass (~> 3.0)
  capybara (= 2.2.0)
  carrierwave
  charlock_holmes
  coffee-rails
  colored
  coveralls
  d3_rails (~> 3.1.4)
  database_cleaner
  default_value_for (~> 3.0.0)
  devise (= 3.0.4)
  email_spec
  email_validator (~> 1.4.0)
  enumerize
  factory_girl_rails
  ffaker
  figaro
  fog (~> 1.3.1)
  font-awesome-rails (~> 3.2)
  gemoji (~> 1.3.0)
  github-linguist!
  github-markup (~> 0.7.4)!
  gitlab-flowdock-git-hook (~> 0.4.2)
  gitlab-gollum-lib (~> 1.1.0)
  gitlab-grack (~> 2.0.0.pre)
  gitlab_meta (= 6.0)
  gitlab_omniauth-ldap (= 1.0.4)
  grape (~> 0.6.1)
  grape-entity (~> 0.3.0)
  grit_ext
  growl
  guard-rspec
  guard-spinach
  haml-rails
  httparty
  jasmine (= 2.0.0.rc5)
  jenkins_api_client
  jquery-atwho-rails (~> 0.3.3)
  jquery-rails (= 3.1.2)
  jquery-turbolinks
  jquery-ui-rails (= 2.0.2)
  kaminari (~> 0.15.1)
  launchy
  letter_opener
  meta_request
  minitest (~> 4.7.0)
  modernizr-rails (= 2.7.1)
  mysql2
  omniauth (~> 1.1.3)
  omniauth-github
  omniauth-google-oauth2
  omniauth-twitter
  poltergeist (~> 1.5.1)
  protected_attributes
  pry
  pry-debugger
  pry-rails
  pry-stack_explorer
  quiet_assets (~> 1.0.1)
  rack-attack
  rack-cors
  rack-mini-profiler
  rails (~> 4.0.0)
  rails-observers
  rails_best_practices
  raphael-rails (~> 2.1.2)
  rb-fsevent
  rb-inotify
  redcarpet (~> 2.2.2)
  rspec-rails
  rugged (= 0.21.0)
  sanitize
  sass-rails
  sdoc
  seed-fu
  select2-rails
  settingslogic
  shoulda-matchers (~> 2.1.0)
  sidekiq (~> 3.0.0)
  simplecov
  sinatra
  six
  slim
  spinach-rails
  spork (~> 1.0rc)
  spring (= 1.1.1)
  spring-commands-rspec (= 1.0.1)
  spring-commands-spinach (= 1.0.0)
  sprockets (= 2.11.0)
  sqlite3
  sshkey
  stamp
  state_machine
  test_after_commit
  therubyracer
  thin
  turbolinks
  uglifier
  underscore-rails (~> 1.4.4)
  unicorn (~> 4.6.3)
  unicorn-worker-killer
  webmock
